GEM
  remote: https://rubygems.org/
  specs:
    base64 (0.2.0)
    diff-lcs (1.5.1)
    logger (1.6.4)
    nokolexbor (0.5.4)
    nokolexbor (0.5.4-x86_64-linux)
    rexml (3.4.0)
    rspec (3.13.0)
      rspec-core (~> 3.13.0)
      rspec-expectations (~> 3.13.0)
      rspec-mocks (~> 3.13.0)
    rspec-core (3.13.2)
      rspec-support (~> 3.13.0)
    rspec-expectations (3.13.3)
      diff-lcs (>= 1.2.0, < 2.0)
      rspec-support (~> 3.13.0)
    rspec-mocks (3.13.2)
      diff-lcs (>= 1.2.0, < 2.0)
      rspec-support (~> 3.13.0)
    rspec-support (3.13.2)
    rubyzip (2.3.2)
    selenium-webdriver (4.26.0)
      base64 (~> 0.2)
      logger (~> 1.4)
      rexml (~> 3.2, >= 3.2.5)
      rubyzip (>= 1.2.2, < 3.0)
      websocket (~> 1.0)
    websocket (1.2.11)

PLATFORMS
  ruby
  x86_64-linux

DEPENDENCIES
  nokolexbor
  rspec
  selenium-webdriver

BUNDLED WITH
   2.5.23
